PATH
  remote: .
  specs:
    rspec-documentation (0.0.8)
      htmlbeautifier (~> 1.4)
      kramdown (~> 2.4)
      kramdown-parser-gfm (~> 1.1)
      nokogiri (~> 1.15)
      paintbrush (~> 0.1.3)
      redcarpet (~> 3.6)
      rouge (~> 4.1)
      rspec (~> 3.12)

GEM
  remote: https://rubygems.org/
  specs:
    ast (2.4.2)
    concurrent-ruby (1.2.2)
    devpack (0.4.1)
    diff-lcs (1.5.0)
    htmlbeautifier (1.4.2)
    i18n (1.14.1)
      concurrent-ruby (~> 1.0)
    json (2.6.3)
    kramdown (2.4.0)
      rexml
    kramdown-parser-gfm (1.1.0)
      kramdown (~> 2.0)
    nokogiri (1.15.2-x86_64-linux)
      racc (~> 1.4)
    paint (2.3.0)
    paintbrush (0.1.3)
    parallel (1.23.0)
    parser (3.2.2.3)
      ast (~> 2.4.1)
      racc
    racc (1.7.0)
    rainbow (3.1.1)
    rake (13.0.6)
    redcarpet (3.6.0)
    regexp_parser (2.8.1)
    rexml (3.2.5)
    rouge (4.1.2)
    rspec (3.12.0)
      rspec-core (~> 3.12.0)
      rspec-expectations (~> 3.12.0)
      rspec-mocks (~> 3.12.0)
    rspec-core (3.12.2)
      rspec-support (~> 3.12.0)
    rspec-expectations (3.12.3)
      diff-lcs (>= 1.2.0, < 2.0)
      rspec-support (~> 3.12.0)
    rspec-file_fixtures (0.1.7)
      rspec (~> 3.12)
    rspec-its (1.3.0)
      rspec-core (>= 3.0.0)
      rspec-expectations (>= 3.0.0)
    rspec-mocks (3.12.5)
      diff-lcs (>= 1.2.0, < 2.0)
      rspec-support (~> 3.12.0)
    rspec-support (3.12.0)
    rubocop (1.52.1)
      json (~> 2.3)
      parallel (~> 1.10)
      parser (>= 3.2.2.3)
      rainbow (>= 2.2.2, < 4.0)
      regexp_parser (>= 1.8, < 3.0)
      rexml (>= 3.2.5, < 4.0)
      rubocop-ast (>= 1.28.0, < 2.0)
      ruby-progressbar (~> 1.7)
      unicode-display_width (>= 2.4.0, < 3.0)
    rubocop-ast (1.29.0)
      parser (>= 3.2.1.0)
    rubocop-capybara (2.18.0)
      rubocop (~> 1.41)
    rubocop-factory_bot (2.23.1)
      rubocop (~> 1.33)
    rubocop-rake (0.6.0)
      rubocop (~> 1.0)
    rubocop-rspec (2.22.0)
      rubocop (~> 1.33)
      rubocop-capybara (~> 2.17)
      rubocop-factory_bot (~> 2.22)
    rubocop-rspec-documentation (0.0.1)
      rspec-documentation (~> 0.0.7)
      rubocop (~> 1.52)
    ruby-progressbar (1.13.0)
    strong_versions (0.4.5)
      i18n (>= 0.5)
      paint (~> 2.0)
    unicode-display_width (2.4.2)

PLATFORMS
  x86_64-linux

DEPENDENCIES
  devpack (~> 0.4.1)
  nokogiri (~> 1.15)
  rake (~> 13.0)
  rspec (~> 3.0)
  rspec-documentation!
  rspec-file_fixtures (~> 0.1.6)
  rspec-its (~> 1.3)
  rubocop (~> 1.52)
  rubocop-rake (~> 0.6.0)
  rubocop-rspec (~> 2.22)
  rubocop-rspec-documentation
  strong_versions (~> 0.4.5)

BUNDLED WITH
   2.4.12
